NUGET
  remote: https://nuget.org/api/v2
  specs:
    CsvHelper (2.10.0)
    Microsoft.AspNet.WebApi.Client (5.2.2)
      Microsoft.Net.Http (>= 2.2.22)
      Newtonsoft.Json (>= 6.0.4)
    Microsoft.AspNet.WebApi.Core (5.2.2)
      Microsoft.AspNet.WebApi.Client (>= 5.2.2)
    Microsoft.Bcl (1.1.9)
      Microsoft.Bcl.Build (>= 1.0.14)
    Microsoft.Bcl.Build (1.0.21)
    Microsoft.Net.Http (2.2.28)
      Microsoft.Bcl (>= 1.1.9)
      Microsoft.Bcl.Build (>= 1.0.14)
    Newtonsoft.Json (6.0.8)
